NUGET
  remote: https://www.nuget.org/api/v2
  specs:
    FSharp.Core (4.0.0.1)
    NodaTime (1.3.1)
    sqlite-net-pcl (1.0.11)
      SQLitePCL.raw_basic (>= 0.7.1)
    SQLitePCL.raw_basic (0.8.4)
